GIT
  remote: git://github.com/ruby-rdf/rdf.git
  revision: 864cb94867fc8b1640dbd0ee6c895a668bec039e
  specs:
    rdf (0.3.9)
      addressable (>= 2.2.6)

PATH
  remote: .
  specs:
    rdf-spec (0.3.10)
      rspec (>= 2.8.0)

GEM
  remote: http://rubygems.org/
  specs:
    addressable (2.3.2)
    diff-lcs (1.1.3)
    rspec (2.12.0)
      rspec-core (~> 2.12.0)
      rspec-expectations (~> 2.12.0)
      rspec-mocks (~> 2.12.0)
    rspec-core (2.12.0)
    rspec-expectations (2.12.0)
      diff-lcs (~> 1.1.3)
    rspec-mocks (2.12.0)
    wirble (0.1.3)
    yard (0.8.3)

PLATFORMS
  ruby

DEPENDENCIES
  rdf!
  rdf-spec!
  wirble
  yard (>= 0.7.5)
